GIT
  remote: https://github.com/wied03/opal.git
  revision: 8493b01a10f015a9070daf4ed264ccc77fe3d14a
  specs:
    opal (0.8.0.beta1)
      hike (~> 1.2)
      sourcemap (~> 0.1.0)
      sprockets (>= 2.2.3, < 4.0.0)
      tilt (~> 1.4)

PATH
  remote: .
  specs:
    opal-rspec (0.4.2)

PATH
  remote: rspec
  specs:
    rspec (3.1.0)
      rspec-core (~> 3.1.0)
      rspec-expectations (~> 3.1.0)
      rspec-mocks (~> 3.1.0)

PATH
  remote: rspec-core
  specs:
    rspec-core (3.1.7)
      rspec-support (~> 3.1.0)

PATH
  remote: rspec-expectations
  specs:
    rspec-expectations (3.1.2)
      diff-lcs (>= 1.2.0, < 2.0)
      rspec-support (~> 3.1.0)

PATH
  remote: rspec-mocks
  specs:
    rspec-mocks (3.1.3)
      rspec-support (~> 3.1.0)

PATH
  remote: rspec-support
  specs:
    rspec-support (3.1.2)

GEM
  remote: https://rubygems.org/
  specs:
    diff-lcs (1.2.5)
    hike (1.2.3)
    libv8 (3.16.14.7)
    rack (1.6.1)
    rake (10.4.2)
    ref (1.0.5)
    sourcemap (0.1.1)
    sprockets (3.1.0)
      rack (~> 1.0)
    therubyracer (0.12.2)
      libv8 (~> 3.16.14.0)
      ref
    tilt (1.4.1)
    yard (0.8.7.6)

PLATFORMS
  ruby

DEPENDENCIES
  opal!
  opal-rspec!
  rake
  rspec!
  rspec-core!
  rspec-expectations!
  rspec-mocks!
  rspec-support!
  therubyracer
  yard
