PATH
  remote: .
  specs:
    opal-rspec (0.4.2)
      opal (>= 0.7.0, < 0.9)

PATH
  remote: rspec
  specs:
    rspec (3.0.0.beta1)
      rspec-core (= 3.0.0.beta1)
      rspec-expectations (= 3.0.0.beta1)
      rspec-mocks (= 3.0.0.beta1)

PATH
  remote: rspec-core
  specs:
    rspec-core (3.0.0.beta1)
      rspec-support (= 3.0.0.beta1)

PATH
  remote: rspec-expectations
  specs:
    rspec-expectations (3.0.0.beta1)
      diff-lcs (>= 1.1.3, < 2.0)
      rspec-support (= 3.0.0.beta1)

PATH
  remote: rspec-mocks
  specs:
    rspec-mocks (3.0.0.beta1)
      rspec-support (= 3.0.0.beta1)

PATH
  remote: rspec-support
  specs:
    rspec-support (3.0.0.beta1)

GEM
  remote: https://rubygems.org/
  specs:
    diff-lcs (1.2.5)
    hike (1.2.3)
    multi_json (1.11.0)
    opal (0.7.2)
      hike (~> 1.2)
      sourcemap (~> 0.1.0)
      sprockets (>= 2.2.3, < 3.0.0)
      tilt (~> 1.4)
    rack (1.6.1)
    rake (10.4.2)
    sourcemap (0.1.1)
    sprockets (2.12.3)
      hike (~> 1.2)
      multi_json (~> 1.0)
      rack (~> 1.0)
      tilt (~> 1.1, != 1.3.0)
    tilt (1.4.1)
    yard (0.8.7.6)

PLATFORMS
  ruby

DEPENDENCIES
  opal-rspec!
  rake
  rspec!
  rspec-core!
  rspec-expectations!
  rspec-mocks!
  rspec-support!
  yard
